GIT
  remote: git://github.com/pivotal/jasmine-gem.git
  revision: 9971bbdb9a32b20dd1bbe4412de040c34014d860
  specs:
    jasmine (2.2.0)
      jasmine-core (~> 2.2)
      phantomjs
      rack (>= 1.2.1)
      rake

GEM
  remote: http://rubygems.org/
  specs:
    actionmailer (3.1.0)
      actionpack (= 3.1.0)
      mail (~> 2.3.0)
    actionpack (3.1.0)
      activemodel (= 3.1.0)
      activesupport (= 3.1.0)
      builder (~> 3.0.0)
      erubis (~> 2.7.0)
      i18n (~> 0.6)
      rack (~> 1.3.2)
      rack-cache (~> 1.0.3)
      rack-mount (~> 0.8.2)
      rack-test (~> 0.6.1)
      sprockets (~> 2.0.0)
    activemodel (3.1.0)
      activesupport (= 3.1.0)
      bcrypt-ruby (~> 3.0.0)
      builder (~> 3.0.0)
      i18n (~> 0.6)
    activerecord (3.1.0)
      activemodel (= 3.1.0)
      activesupport (= 3.1.0)
      arel (~> 2.2.1)
      tzinfo (~> 0.3.29)
    activeresource (3.1.0)
      activemodel (= 3.1.0)
      activesupport (= 3.1.0)
    activesupport (3.1.0)
      multi_json (~> 1.0)
    addressable (2.3.7)
    arel (2.2.3)
    bcrypt-ruby (3.0.1)
    builder (3.0.4)
    capybara (2.4.4)
      mime-types (>= 1.16)
      nokogiri (>= 1.3.3)
      rack (>= 1.0.0)
      rack-test (>= 0.5.4)
      xpath (~> 2.0)
    coffee-rails (3.1.1)
      coffee-script (>= 2.2.0)
      railties (~> 3.1.0)
    coffee-script (2.3.0)
      coffee-script-source
      execjs
    coffee-script-source (1.9.1)
    cucumber (1.3.19)
      builder (>= 2.1.2)
      diff-lcs (>= 1.1.3)
      gherkin (~> 2.12)
      multi_json (>= 1.7.5, < 2.0)
      multi_test (>= 0.1.2)
    cucumber-rails (1.4.2)
      capybara (>= 1.1.2, < 3)
      cucumber (>= 1.3.8, < 2)
      mime-types (>= 1.16, < 3)
      nokogiri (~> 1.5)
      rails (>= 3, < 5)
    daemons (1.1.9)
    database_cleaner (1.4.0)
    diff-lcs (1.1.3)
    docile (1.1.5)
    erubis (2.7.0)
    escape_utils (1.0.1)
    eventmachine (1.0.7)
    execjs (2.3.0)
    factory_girl (1.3.3)
    factory_girl_rails (1.0)
      factory_girl (~> 1.3)
      rails (>= 3.0.0.beta4)
    faker (1.4.3)
      i18n (~> 0.5)
    gherkin (2.12.2)
      multi_json (~> 1.3)
    gravatar_image_tag (1.0.0)
    haml (4.0.6)
      tilt
    haml-rails (0.4)
      actionpack (>= 3.1, < 4.1)
      activesupport (>= 3.1, < 4.1)
      haml (>= 3.1, < 4.1)
      railties (>= 3.1, < 4.1)
    hike (1.2.3)
    i18n (0.7.0)
    jasmine-core (2.2.0)
    jquery-rails (3.1.2)
      railties (>= 3.0, < 5.0)
      thor (>= 0.14, < 2.0)
    json (1.8.2)
    launchy (2.4.3)
      addressable (~> 2.3)
    mail (2.3.3)
      i18n (>= 0.4.0)
      mime-types (~> 1.16)
      treetop (~> 1.4.8)
    mime-types (1.25.1)
    mini_portile (0.6.2)
    minitest (5.4.3)
    multi_json (1.10.1)
    multi_test (0.1.2)
    nokogiri (1.6.6.2)
      mini_portile (~> 0.6.0)
    pg (0.18.1)
    phantomjs (1.9.8.0)
    polyglot (0.3.5)
    power_assert (0.2.2)
    rack (1.3.10)
    rack-cache (1.0.3)
      rack (>= 0.4)
    rack-mount (0.8.3)
      rack (>= 1.0.0)
    rack-ssl (1.3.4)
      rack
    rack-test (0.6.3)
      rack (>= 1.0)
    rails (3.1.0)
      actionmailer (= 3.1.0)
      actionpack (= 3.1.0)
      activerecord (= 3.1.0)
      activeresource (= 3.1.0)
      activesupport (= 3.1.0)
      bundler (~> 1.0)
      railties (= 3.1.0)
    railties (3.1.0)
      actionpack (= 3.1.0)
      activesupport (= 3.1.0)
      rack-ssl (~> 1.3.2)
      rake (>= 0.8.7)
      rdoc (~> 3.4)
      thor (~> 0.14.6)
    rake (10.4.2)
    rdoc (3.12.2)
      json (~> 1.4)
    rspec (2.6.0)
      rspec-core (~> 2.6.0)
      rspec-expectations (~> 2.6.0)
      rspec-mocks (~> 2.6.0)
    rspec-core (2.6.4)
    rspec-expectations (2.6.0)
      diff-lcs (~> 1.1.2)
    rspec-mocks (2.6.0)
    rspec-rails (2.6.0)
      actionpack (~> 3.0)
      activesupport (~> 3.0)
      railties (~> 3.0)
      rspec (~> 2.6.0)
    sass (3.4.12)
    sass-rails (3.1.7)
      actionpack (~> 3.1.0)
      railties (~> 3.1.0)
      sass (>= 3.1.10)
      tilt (~> 1.3.2)
    simplecov (0.9.2)
      docile (~> 1.1.0)
      multi_json (~> 1.0)
      simplecov-html (~> 0.9.0)
    simplecov-html (0.9.0)
    sprockets (2.0.5)
      hike (~> 1.2)
      rack (~> 1.0)
      tilt (~> 1.1, != 1.3.0)
    sqlite3 (1.3.10)
    test-unit (3.0.8)
      power_assert
    thin (1.6.3)
      daemons (~> 1.0, >= 1.0.9)
      eventmachine (~> 1.0)
      rack (~> 1.0)
    thor (0.14.6)
    tilt (1.3.7)
    treetop (1.4.15)
      polyglot
      polyglot (>= 0.3.1)
    tzinfo (0.3.43)
    uglifier (2.7.0)
      execjs (>= 0.3.0)
      json (>= 1.8.0)
    webrat (0.7.1)
      nokogiri (>= 1.2.0)
      rack (>= 1.0)
      rack-test (>= 0.5.3)
    will_paginate (3.0.7)
    xpath (2.0.0)
      nokogiri (~> 1.3)
    zurb-foundation (4.3.2)
      sass (>= 3.2.0)

PLATFORMS
  ruby

DEPENDENCIES
  capybara
  coffee-rails (~> 3.1.0)
  cucumber-rails
  database_cleaner
  escape_utils
  factory_girl_rails (= 1.0)
  faker
  gravatar_image_tag (= 1.0.0)
  haml-rails
  jasmine!
  jquery-rails
  launchy
  minitest
  pg
  rails (= 3.1)
  rspec-rails (= 2.6.0)
  sass
  sass-rails (~> 3.1.0)
  simplecov
  sqlite3
  test-unit
  thin
  uglifier
  webrat (= 0.7.1)
  will_paginate
  zurb-foundation
